{
	"Modality": "MR",
	"MagneticFieldStrength": 3,
	"ImagingFrequency": 123.262,
	"Manufacturer": "Siemens",
	"ManufacturersModelName": "Prisma_fit",
	"InstitutionName": "NeuroSpin",
	"InstitutionalDepartmentName": "Department",
	"InstitutionAddress": "Street N306,SACLAY,IdF,FR,91400",
	"DeviceSerialNumber": "67069",
	"StationName": "MRCTRIO",
	"BodyPartExamined": "BRAIN",
	"PatientPosition": "HFS",
	"ProcedureStepDescription": "Protocoles^IBC",
	"SoftwareVersions": "syngo MR E11",
	"MRAcquisitionType": "3D",
	"SeriesDescription": "mprage_sag_T1_0.9mm_176sl_PF7_8",
	"ProtocolName": "mprage_sag_T1_0.9mm_176sl_PF7_8",
	"ScanningSequence": "GR\\IR",
	"SequenceVariant": "SK\\SP\\MP",
	"ScanOptions": "IR\\PFP",
	"SequenceName": "*tfl3d1_16ns",
	"ImageType": ["ORIGINAL", "PRIMARY", "M", "ND", "NORM"],
	"NonlinearGradientCorrection": false,
	"SeriesNumber": 2,
	"AcquisitionTime": "14:00:32.085000",
	"AcquisitionNumber": 1,
	"SliceThickness": 0.9,
	"SAR": 0.0514372,
	"EchoTime": 0.00305,
	"RepetitionTime": 2.3,
	"SpoilingState": true,
	"InversionTime": 0.9,
	"FlipAngle": 9,
	"PartialFourier": 0.875,
	"BaseResolution": 256,
	"ShimSetting": [
		-637,
		2353,
		-650,
		742,
		-59,
		-1,
		-19,
		34	],
	"TxRefAmp": 228.224,
	"PhaseResolution": 1,
	"ReceiveCoilName": "HeadNeck_64",
	"ReceiveCoilActiveElements": "HC1-7;NC1",
	"PulseSequenceDetails": "%SiemensSeq%\\tfl",
	"RefLinesPE": 24,
	"CoilCombinationMethod": "Adaptive Combine",
	"ConsistencyInfo": "N4_VE11C_LATEST_20160120",
	"MatrixCoilMode": "GRAPPA",
	"PercentPhaseFOV": 100,
	"PercentSampling": 100,
	"PhaseEncodingSteps": 223,
	"AcquisitionMatrixPE": 256,
	"ReconMatrixPE": 256,
	"ParallelReductionFactorInPlane": 2,
	"PixelBandwidth": 240,
	"DwellTime": 8.2e-06,
	"ImageOrientationPatientDICOM": [
		0,
		1,
		0,
		0,
		0,
		-1	],
	"ImageOrientationText": "Sag",
	"InPlanePhaseEncodingDirectionDICOM": "ROW",
	"ConversionSoftware": "dcm2niix",
	"ConversionSoftwareVersion": "v1.0.20220720"
}
